GEM
  remote: http://rubygems.org/
  specs:
    albacore (2.0.16)
      map (~> 6.5)
      nokogiri (~> 1.5)
      rake (~> 10)
      semver2 (~> 3.4)
    map (6.6.0)
    mini_portile2 (2.3.0)
    nokogiri (1.8.4-x64-mingw32)
      mini_portile2 (~> 2.3.0)
    nokogiri (1.8.4-x86-mingw32)
      mini_portile2 (~> 2.3.0)
    rake (10.5.0)
    semver2 (3.4.2)

PLATFORMS
  x64-mingw32
  x86-mingw32

DEPENDENCIES
  albacore (~> 2.0.0)

BUNDLED WITH
   1.16.4
